GEM
  remote: https://rubygems.org/
  specs:
    addressable (2.3.4)
    faraday (0.8.7)
      multipart-post (~> 1.1)
    faraday_middleware (0.9.0)
      faraday (>= 0.7.4, < 0.9)
    hashie (2.0.5)
    hpricot (0.8.6)
    image_suckr (0.1.0)
    mime-types (1.23)
    movies (0.1.10)
      nokogiri
      rest-client
    multi_json (1.7.5)
    multipart-post (1.2.0)
    netrc (0.7.7)
    nokogiri (1.5.9)
    octokit (1.24.0)
      addressable (~> 2.2)
      faraday (~> 0.8)
      faraday_middleware (~> 0.9)
      hashie (~> 2.0)
      multi_json (~> 1.3)
      netrc (~> 0.7.7)
    rack (1.5.2)
    rack-protection (1.5.0)
      rack
    rest-client (1.6.7)
      mime-types (>= 1.16)
    sinatra (1.4.2)
      rack (~> 1.5, >= 1.5.2)
      rack-protection (~> 1.4)
      tilt (~> 1.3, >= 1.3.4)
    stock_quote (1.0.2)
      hpricot
      rest-client
    tilt (1.4.1)

PLATFORMS
  ruby

DEPENDENCIES
  image_suckr
  movies
  octokit
  sinatra
  stock_quote
